GEM
  remote: https://rubygems.org/
  specs:
    diff-lcs (1.2.5)
    docile (1.1.5)
    hiredis (0.6.0)
    json (1.8.2)
    msgpack (0.6.0)
    nido (0.0.1)
    ohm (2.2.0)
      msgpack
      nido
      redic
      stal
    rake (10.4.2)
    redic (1.5.0)
      hiredis
    rspec (3.2.0)
      rspec-core (~> 3.2.0)
      rspec-expectations (~> 3.2.0)
      rspec-mocks (~> 3.2.0)
    rspec-core (3.2.3)
      rspec-support (~> 3.2.0)
    rspec-expectations (3.2.1)
      diff-lcs (>= 1.2.0, < 2.0)
      rspec-support (~> 3.2.0)
    rspec-mocks (3.2.1)
      diff-lcs (>= 1.2.0, < 2.0)
      rspec-support (~> 3.2.0)
    rspec-support (3.2.2)
    simplecov (0.10.0)
      docile (~> 1.1.0)
      json (~> 1.8)
      simplecov-html (~> 0.10.0)
    simplecov-html (0.10.0)
    stal (0.1.0)
      redic
    yard (0.8.7.6)

PLATFORMS
  ruby

DEPENDENCIES
  ohm
  rake (= 10.4.2)
  rspec (= 3.2.0)
  simplecov (= 0.10.0)
  yard (= 0.8.7.6)
